GIT
  remote: https://github.com/jssilva93/h3.git
  revision: 1030d42c478aa86390ee92a78e4ca6ea5d54d56d
  specs:
    h3 (0.0.191)

GEM
  remote: https://rubygems.org/
  specs:
    activemodel (5.2.3)
      activesupport (= 5.2.3)
    activesupport (5.2.3)
      concurrent-ruby (~> 1.0, >= 1.0.2)
      i18n (>= 0.7, < 2)
      minitest (~> 5.1)
      tzinfo (~> 1.1)
    bson (4.5.0)
    concurrent-ruby (1.1.5)
    i18n (1.6.0)
      concurrent-ruby (~> 1.0)
    minitest (5.12.2)
    mongo (2.6.2)
      bson (>= 4.3.0, < 5.0.0)
    mongoid (6.3.0)
      activemodel (~> 5.1)
      mongo (>= 2.5.0, < 3.0.0)
    thread_safe (0.3.6)
    tzinfo (1.2.5)
      thread_safe (~> 0.1)

PLATFORMS
  ruby

DEPENDENCIES
  h3!
  mongo (= 2.6.2)
  mongoid (= 6.3.0)

BUNDLED WITH
   2.0.2
